GEM
  remote: https://rubygems.org/
  specs:
    apipie-rails (0.0.11)

PLATFORMS
  x64-mingw-ucrt

DEPENDENCIES
  apipie-rails (= 0.0.11)

BUNDLED WITH
   2.3.22
